GEM
  remote: https://rubygems.org/
  specs:
    terminal_game_engine (0.4.0)

PLATFORMS
  ruby

DEPENDENCIES
  terminal_game_engine

BUNDLED WITH
   1.13.5
